GEM
  remote: https://rubygems.org/
  specs:
    haml (4.0.6)
      tilt
    puma (2.11.1)
      rack (>= 1.1, < 2.0)
    rack (1.6.0)
    sass (3.4.13)
    sinatra (1.1.0)
      rack (~> 1.1)
      tilt (~> 1.1)
    tilt (1.4.1)

PLATFORMS
  ruby

DEPENDENCIES
  haml
  puma
  sass
  sinatra (= 1.1.0)
